GEM
  remote: https://rubygems.org/
  specs:
    ast (2.4.0)
    aws-eventstream (1.0.3)
    aws-partitions (1.270.0)
    aws-sdk-core (3.50.0)
      aws-eventstream (~> 1.0, >= 1.0.2)
      aws-partitions (~> 1.0)
      aws-sigv4 (~> 1.1)
      jmespath (~> 1.0)
    aws-sigv4 (1.1.0)
      aws-eventstream (~> 1.0, >= 1.0.2)
    colored (1.2)
    cri (2.15.6)
    faraday (0.13.1)
      multipart-post (>= 1.2, < 3)
    faraday_middleware (0.12.2)
      faraday (>= 0.7.4, < 1.0)
    fast_gettext (1.1.2)
    gettext (3.2.9)
      locale (>= 2.0.5)
      text (>= 1.3.0)
    gettext-setup (0.34)
      fast_gettext (~> 1.1.0)
      gettext (>= 3.0.2, < 3.3.0)
      locale
    jaro_winkler (1.5.4)
    jmespath (1.4.0)
    jsonlint (0.2.0)
      oj (~> 2)
      trollop (~> 2)
    locale (2.1.2)
    log4r (1.1.10)
    minitar (0.9)
    multi_json (1.14.1)
    multipart-post (2.1.1)
    oj (2.18.5)
    parallel (1.19.1)
    parser (2.7.0.2)
      ast (~> 2.4.0)
    puppet-lint (2.3.6)
    puppet_forge (2.2.9)
      faraday (>= 0.9.0, < 0.14.0)
      faraday_middleware (>= 0.9.0, < 0.13.0)
      gettext-setup (~> 0.11)
      minitar
      semantic_puppet (~> 1.0)
    r10k (3.3.0)
      colored (= 1.2)
      cri (= 2.15.6)
      gettext-setup (~> 0.24)
      log4r (= 1.1.10)
      multi_json (~> 1.10)
      puppet_forge (~> 2.2.8)
    rainbow (3.0.0)
    rake (12.3.3)
    rubocop (0.68.1)
      jaro_winkler (~> 1.5.1)
      parallel (~> 1.10)
      parser (>= 2.5, != 2.5.1.1)
      rainbow (>= 2.2.2, < 4.0)
      ruby-progressbar (~> 1.7)
      unicode-display_width (>= 1.4.0, < 1.6)
    ruby-progressbar (1.10.1)
    semantic_puppet (1.0.2)
    text (1.3.1)
    trollop (2.9.10)
    unicode-display_width (1.5.0)
    yaml-lint (0.0.10)

PLATFORMS
  ruby

DEPENDENCIES
  aws-sdk-core (= 3.50.0)
  jsonlint (= 0.2.0)
  puppet-lint (= 2.3.6)
  r10k (= 3.3.0)
  rake (= 12.3.3)
  rubocop (= 0.68.1)
  yaml-lint (= 0.0.10)

BUNDLED WITH
   1.17.3
